PATH
  remote: .
  specs:
    ach (0.5.11)
      holidays (>= 1.2.0, < 5.4.0)

GEM
  remote: https://rubygems.org/
  specs:
    ZenTest (4.11.1)
    appraisal (2.2.0)
      bundler
      rake
      thor (>= 0.14.0)
    autotest (4.4.6)
      ZenTest (>= 4.4.1)
    diff-lcs (1.3)
    holidays (5.3.0)
    rake (12.3.0)
    rspec (3.7.0)
      rspec-core (~> 3.7.0)
      rspec-expectations (~> 3.7.0)
      rspec-mocks (~> 3.7.0)
    rspec-core (3.7.1)
      rspec-support (~> 3.7.0)
    rspec-expectations (3.7.0)
      diff-lcs (>= 1.2.0, < 2.0)
      rspec-support (~> 3.7.0)
    rspec-mocks (3.7.0)
      diff-lcs (>= 1.2.0, < 2.0)
      rspec-support (~> 3.7.0)
    rspec-support (3.7.0)
    thor (0.20.0)

PLATFORMS
  ruby

DEPENDENCIES
  ach!
  appraisal
  autotest
  rake
  rspec (~> 3.2)

BUNDLED WITH
   1.12.5
